PATH
  remote: twitter-3.4.1
  specs:
    twitter (3.4.1)
      faraday (~> 0.8)
      multi_json (~> 1.3)
      simple_oauth (~> 0.1.6)

GEM
  remote: http://rubygems.org/
  specs:
    faraday (0.9.0)
      multipart-post (>= 1.2, < 3)
    igo-ruby (0.1.5)
    multi_json (1.10.1)
    multipart-post (2.0.0)
    simple_oauth (0.1.9)

PLATFORMS
  ruby

DEPENDENCIES
  igo-ruby
  twitter!
